GEM
  remote: https://rubygems.org/
  specs:
    celluloid (0.15.2)
      timers (~> 1.1.0)
    celluloid-io (0.15.0)
      celluloid (>= 0.15.0)
      nio4r (>= 0.5.0)
    daemons (1.1.9)
    eventmachine (1.0.3)
    ffi (1.9.3)
    haml (4.0.5)
      tilt
    listen (2.7.0)
      celluloid (>= 0.15.2)
      celluloid-io (>= 0.15.0)
      rb-fsevent (>= 0.9.3)
      rb-inotify (>= 0.9)
    nio4r (1.0.0)
    rack (1.5.2)
    rack-protection (1.5.2)
      rack
    rake (10.1.1)
    rb-fsevent (0.9.4)
    rb-inotify (0.9.3)
      ffi (>= 0.5.0)
    rerun (0.9.0)
      listen (~> 2.7)
    sinatra (1.4.4)
      rack (~> 1.4)
      rack-protection (~> 1.4)
      tilt (~> 1.3, >= 1.3.4)
    sinatra-twitter-bootstrap (2.3.3)
    thin (1.6.2)
      daemons (>= 1.0.9)
      eventmachine (>= 1.0.0)
      rack (>= 1.0.0)
    tilt (1.4.1)
    timers (1.1.0)

PLATFORMS
  ruby

DEPENDENCIES
  haml
  rake
  rerun
  sinatra
  sinatra-twitter-bootstrap
  thin
